{
	"Modality": "MR",
	"MagneticFieldStrength": 3,
	"ImagingFrequency": 127.751,
	"Manufacturer": "Philips",
	"ManufacturersModelName": "Ingenia Elition X",
	"InstitutionName": "VANDERBILT INSTITUTE OF IMAGING",
	"InstitutionalDepartmentName": "MRI DEPT.",
	"InstitutionAddress": "1161 21ST AVE. SOUTH",
	"DeviceSerialNumber": "45051",
	"StationName": "PHILIPS-JJJ61LI",
	"BodyPartExamined": "BRAIN",
	"PatientPosition": "HFS",
	"SoftwareVersions": "5.6.1\\5.6.1.0",
	"MRAcquisitionType": "3D",
	"SeriesDescription": "cs_3D_Brain_VIEW_FLAIR_SHC",
	"ProtocolName": "WIP cs_3D_Brain_VIEW_FLAIR_SHC",
	"ScanningSequence": "IR",
	"SequenceVariant": "SK",
	"ScanOptions": "FS",
	"ImageType": ["ORIGINAL", "PRIMARY", "T2", "NONE"],
	"SeriesNumber": 3601,
	"AcquisitionTime": "14:24:26.680000",
	"AcquisitionNumber": 36,
	"PhilipsRescaleSlope": 5.80513,
	"PhilipsRescaleIntercept": 0,
	"PhilipsScaleSlope": 0.00213884,
	"UsePhilipsFloatNotDisplayScaling": 1,
	"SliceThickness": 1.12,
	"SpacingBetweenSlices": 0.56,
	"NumberOfAverages": 2,
	"EchoTime": 0.34,
	"RepetitionTime": 4.8,
	"InversionTime": 1.65,
	"FlipAngle": 90,
	"CoilString": "MULTI COIL",
	"PercentPhaseFOV": 100,
	"PercentSampling": 78.1892,
	"EchoTrainLength": 167,
	"PhaseEncodingSteps": 223,
	"AcquisitionMatrixPE": 223,
	"ReconMatrixPE": 336,
	"ParallelReductionFactorInPlane": 2.91548,
	"ParallelReductionOutOfPlane": 2.91548,
	"WaterFatShift": 0.653831,
	"EstimatedEffectiveEchoSpacing": 4.46669e-06,
	"EstimatedTotalReadoutTime": 0.00149634,
	"PixelBandwidth": 664.319,
	"PhaseEncodingAxis": "i",
	"ImageOrientationPatientDICOM": [
		0.0150668,
		0.999874,
		0.00501977,
		0.00519817,
		0.00494194,
		-0.999974	],
	"InPlanePhaseEncodingDirectionDICOM": "ROW",
	"ConversionSoftware": "dcm2niix",
	"ConversionSoftwareVersion": "v1.0.20201127"
}
