{
	"Modality": "MR",
	"MagneticFieldStrength": 3,
	"ImagingFrequency": 127.751,
	"Manufacturer": "Philips",
	"ManufacturersModelName": "Ingenia Elition X",
	"InstitutionName": "VANDERBILT INSTITUTE OF IMAGING",
	"InstitutionalDepartmentName": "MRI DEPT.",
	"InstitutionAddress": "1161 21ST AVE. SOUTH",
	"DeviceSerialNumber": "45051",
	"StationName": "PHILIPS-JJJ61LI",
	"BodyPartExamined": "BRAIN",
	"PatientPosition": "HFS",
	"SoftwareVersions": "5.6.1\\5.6.1.0",
	"MRAcquisitionType": "2D",
	"SeriesDescription": "FLAIR_TRA",
	"ProtocolName": "WIP FLAIR_TRA",
	"ScanningSequence": "IR",
	"SequenceVariant": "SK",
	"ScanOptions": "FS",
	"ImageType": ["ORIGINAL", "PRIMARY", "T2", "NONE"],
	"SeriesNumber": 601,
	"AcquisitionTime": "09:27:50.880000",
	"AcquisitionNumber": 6,
	"PhilipsRescaleSlope": 15.3861,
	"PhilipsRescaleIntercept": 0,
	"PhilipsScaleSlope": 0.305934,
	"UsePhilipsFloatNotDisplayScaling": 1,
	"SliceThickness": 4,
	"SpacingBetweenSlices": 5,
	"NumberOfAverages": 2,
	"EchoTime": 0.11,
	"RepetitionTime": 9,
	"InversionTime": 2.5,
	"FlipAngle": 90,
	"CoilString": "MULTI COIL",
	"PercentPhaseFOV": 80.4688,
	"PercentSampling": 95.102,
	"EchoTrainLength": 34,
	"PhaseEncodingSteps": 228,
	"AcquisitionMatrixPE": 228,
	"ReconMatrixPE": 512,
	"ParallelReductionFactorInPlane": 1.8,
	"WaterFatShift": 1.28877,
	"EstimatedEffectiveEchoSpacing": 5.64055e-06,
	"EstimatedTotalReadoutTime": 0.00288232,
	"PixelBandwidth": 337.029,
	"PhaseEncodingAxis": "i",
	"ImageOrientationPatientDICOM": [
		0.999873,
		-0.0150925,
		0.00512305,
		0.00525586,
		0.00877274,
		-0.999948	],
	"InPlanePhaseEncodingDirectionDICOM": "ROW",
	"ConversionSoftware": "dcm2niix",
	"ConversionSoftwareVersion": "v1.0.20201127"
}
