{
    "Manufacturer": "Siemens",
    "ManufacturersModelName": "Prisma_fit",
    "InstitutionName": "Vanderbilt University Medical Center",
    "InstitutionalDepartmentName": "Department of Radiology",
    "StationName": "MRC35181",
    "DeviceSerialNumber": "167006",
    "SoftwareVersions": "syngo MR E11",
    "PulseSequenceName": "*tfl3d1_16ns",
    "ScanningSequence": "GR",
    "SequenceVariant": "SK_SP_MP",
    "ScanOptions": "IR",
    "ImageType": [
        "ORIGINAL",
        "PRIMARY",
        "M",
        "ND",
        "NORM"
    ],
    "SeriesNumber": 5,
    "AcquisitionTime": "12:35:10.500000",
    "AcquisitionMatrix": "256x256x176",
    "RepetitionTime": 2.3,
    "EchoTime": 2.98,
    "InversionTime": 0.9,
    "FlipAngle": 9,
    "PhaseEncodingDirection": "i-",
    "SliceThickness": 1.0,
    "InstitutionAddress": "21st Avenue South 1161, Nashville, TN 37232",
    "ReceiveCoilName": "Head_32",
    "ShimSetting": [
        -2115,
        -16053,
        -31838,
        487,
        40,
        -27,
        -16,
        47
    ],
    "BaseResolution": 256,
    "PixelBandwidth": 240,
    "DwellTime": 8.2e-06
}