{
	"Modality": "MR",
	"MagneticFieldStrength": 3,
	"ImagingFrequency": 127.752,
	"Manufacturer": "Philips",
	"ManufacturersModelName": "Ingenia Elition X",
	"InstitutionName": "VANDERBILT INSTITUTE OF IMAGING",
	"InstitutionalDepartmentName": "MRI DEPT.",
	"InstitutionAddress": "1161 21ST AVE. SOUTH",
	"DeviceSerialNumber": "45051",
	"StationName": "PHILIPS-JJJ61LI",
	"BodyPartExamined": "BRAIN",
	"PatientPosition": "HFS",
	"SoftwareVersions": "5.6.1\\5.6.1.0",
	"MRAcquisitionType": "3D",
	"SeriesDescription": "WIP FidLoc_WIP sT1W_TFE_TX_1mm_CS2_flexS",
	"ProtocolName": "WIP FidLoc_WIP sT1W_TFE_TX_1mm_CS2_flexS",
	"ScanningSequence": "GR",
	"SequenceVariant": "MP",
	"ScanOptions": "OTHER",
	"ImageType": ["ORIGINAL", "PRIMARY", "T1", "NONE"],
	"SeriesNumber": 1301,
	"AcquisitionTime": "10:21:33.810000",
	"AcquisitionNumber": 13,
	"PhilipsRescaleSlope": 16.6354,
	"PhilipsRescaleIntercept": 0,
	"PhilipsScaleSlope": 0.000650969,
	"UsePhilipsFloatNotDisplayScaling": 1,
	"SliceThickness": 1,
	"SpacingBetweenSlices": 0.5,
	"EchoTime": 0.004606,
	"RepetitionTime": 0.0091502,
	"FlipAngle": 8,
	"CoilString": "MULTI COIL",
	"PercentPhaseFOV": 100,
	"PercentSampling": 77.9165,
	"EchoTrainLength": 121,
	"PhaseEncodingSteps": 250,
	"AcquisitionMatrixPE": 250,
	"ReconMatrixPE": 512,
	"ParallelReductionFactorInPlane": 1.41421,
	"ParallelReductionOutOfPlane": 1.41421,
	"WaterFatShift": 2.39932,
	"EstimatedEffectiveEchoSpacing": 1.07213e-05,
	"EstimatedTotalReadoutTime": 0.00547859,
	"PixelBandwidth": 181.032,
	"PhaseEncodingAxis": "i",
	"ImageOrientationPatientDICOM": [
		-0.0311801,
		0.999501,
		0.00501977,
		0.00496411,
		0.00517701,
		-0.999974	],
	"InPlanePhaseEncodingDirectionDICOM": "ROW",
	"ConversionSoftware": "dcm2niix",
	"ConversionSoftwareVersion": "v1.0.20201127"
}
