{
	"Modality": "MR",
	"MagneticFieldStrength": 3,
	"ImagingFrequency": 127.75,
	"Manufacturer": "Philips",
	"ManufacturersModelName": "Ingenia Elition X",
	"InstitutionName": "VANDERBILT INSTITUTE OF IMAGING",
	"InstitutionalDepartmentName": "MRI DEPT.",
	"InstitutionAddress": "1161 21ST AVE. SOUTH",
	"DeviceSerialNumber": "45051",
	"StationName": "PHILIPS-JJJ61LI",
	"BodyPartExamined": "BRAIN",
	"PatientPosition": "HFS",
	"SoftwareVersions": "5.7.1\\5.7.1.2",
	"MRAcquisitionType": "3D",
	"SeriesDescription": "3D_Brain_VIEW_FLAIR_SHC",
	"ProtocolName": "WIP 3D_Brain_VIEW_FLAIR_SHC",
	"ScanningSequence": "IR",
	"SequenceVariant": "SK",
	"ScanOptions": "FS",
	"ImageType": ["ORIGINAL", "PRIMARY", "T2", "NONE"],
	"SeriesNumber": 2601,
	"AcquisitionTime": "14:25:7.260000",
	"AcquisitionNumber": 26,
	"PhilipsRescaleSlope": 4.14701,
	"PhilipsRescaleIntercept": 0,
	"PhilipsScaleSlope": 0.00302639,
	"UsePhilipsFloatNotDisplayScaling": 1,
	"SliceThickness": 1.12,
	"SpacingBetweenSlices": 0.56,
	"NumberOfAverages": 2,
	"EchoTime": 0.34,
	"RepetitionTime": 4.8,
	"InversionTime": 1.65,
	"FlipAngle": 90,
	"CoilString": "MULTI COIL",
	"PercentPhaseFOV": 100,
	"PercentSampling": 79.0307,
	"EchoTrainLength": 167,
	"PhaseEncodingSteps": 161,
	"AcquisitionMatrixPE": 161,
	"ReconMatrixPE": 256,
	"ParallelReductionFactorInPlane": 1.73205,
	"ParallelReductionOutOfPlane": 1.73205,
	"WaterFatShift": 0.644928,
	"EstimatedEffectiveEchoSpacing": 5.78812e-06,
	"EstimatedTotalReadoutTime": 0.00147597,
	"PixelBandwidth": 673.491,
	"PhaseEncodingAxis": "i",
	"ImageOrientationPatientDICOM": [
		0.0150668,
		0.99946,
		0.0292177,
		0.00519817,
		0.0291423,
		-0.999562	],
	"InPlanePhaseEncodingDirectionDICOM": "ROW",
	"ConversionSoftware": "dcm2niix",
	"ConversionSoftwareVersion": "v1.0.20201127"
}
