{
	"Modality": "MR",
	"MagneticFieldStrength": 3,
	"ImagingFrequency": 127.751,
	"Manufacturer": "Philips",
	"ManufacturersModelName": "Ingenia Elition X",
	"InstitutionName": "VANDERBILT INSTITUTE OF IMAGING",
	"InstitutionalDepartmentName": "MRI DEPT.",
	"InstitutionAddress": "1161 21ST AVE. SOUTH",
	"DeviceSerialNumber": "45051",
	"StationName": "PHILIPS-JJJ61LI",
	"BodyPartExamined": "BRAIN",
	"PatientPosition": "HFS",
	"SoftwareVersions": "5.6.1\\5.6.1.0",
	"MRAcquisitionType": "3D",
	"SeriesDescription": "FidLoc_WIP sT1W_TFE_TX_1mm_CS2_flexS",
	"ProtocolName": "WIP FidLoc_WIP sT1W_TFE_TX_1mm_CS2_flexS",
	"ScanningSequence": "GR",
	"SequenceVariant": "MP",
	"ScanOptions": "OTHER",
	"ImageType": ["ORIGINAL", "PRIMARY", "T1", "NONE"],
	"SeriesNumber": 201,
	"AcquisitionTime": "09:05:48.100000",
	"AcquisitionNumber": 2,
	"PhilipsRescaleSlope": 3.98559,
	"PhilipsRescaleIntercept": 0,
	"PhilipsScaleSlope": 0.00848702,
	"UsePhilipsFloatNotDisplayScaling": 1,
	"SliceThickness": 1,
	"SpacingBetweenSlices": 0.5,
	"EchoTime": 0.004592,
	"RepetitionTime": 0.0098892,
	"FlipAngle": 8,
	"CoilString": "MULTI COIL",
	"PercentPhaseFOV": 100,
	"PercentSampling": 77.9165,
	"EchoTrainLength": 121,
	"PhaseEncodingSteps": 250,
	"AcquisitionMatrixPE": 250,
	"ReconMatrixPE": 512,
	"ParallelReductionFactorInPlane": 1.73205,
	"ParallelReductionOutOfPlane": 1.73205,
	"WaterFatShift": 3.05606,
	"EstimatedEffectiveEchoSpacing": 1.3656e-05,
	"EstimatedTotalReadoutTime": 0.00697823,
	"PixelBandwidth": 142.128,
	"PhaseEncodingAxis": "i",
	"ImageOrientationPatientDICOM": [
		-0.0243677,
		0.99969,
		0.00501977,
		0.00499928,
		0.00514305,
		-0.999974	],
	"InPlanePhaseEncodingDirectionDICOM": "ROW",
	"ConversionSoftware": "dcm2niix",
	"ConversionSoftwareVersion": "v1.0.20201127"
}
