{
	"Modality": "MR",
	"MagneticFieldStrength": 3,
	"ImagingFrequency": 127.750864,
	"Manufacturer": "Philips",
	"ManufacturersModelName": "Ingenia Elition X",
	"InstitutionName": "VANDERBILT INSTITUTE OF IMAGING",
	"InstitutionalDepartmentName": "MRI DEPT.",
	"InstitutionAddress": "1161 21ST AVE. SOUTH",
	"DeviceSerialNumber": "45051",
	"StationName": "PHILIPS-JJJ61LI",
	"BodyPartExamined": "BRAIN",
	"PatientPosition": "HFS",
	"SoftwareVersions": "5.7.1\\5.7.1.2",
	"MRAcquisitionType": "3D",
	"SeriesDescription": "cs_3D_Brain_VIEW_FLAIR_SHC",
	"ProtocolName": "WIP cs_3D_Brain_VIEW_FLAIR_SHC",
	"ScanningSequence": "IR",
	"SequenceVariant": "SK",
	"ScanOptions": "FS",
	"PulseSequenceName": "TIR",
	"ImageType": ["ORIGINAL", "PRIMARY", "T2", "NONE"],
	"SeriesNumber": 2001,
	"AcquisitionTime": "13:50:9.970000",
	"AcquisitionNumber": 20,
	"PhilipsRescaleSlope": 12.1214,
	"PhilipsRescaleIntercept": 0,
	"PhilipsScaleSlope": 0.00260324,
	"UsePhilipsFloatNotDisplayScaling": 1,
	"SliceThickness": 1.12,
	"SpacingBetweenSlices": 0.56,
	"NumberOfAverages": 2,
	"EchoTime": 0.34,
	"RepetitionTime": 4.8,
	"MTState": false,
	"InversionTime": 1.65,
	"FlipAngle": 90,
	"CoilString": "MULTI COIL",
	"PercentPhaseFOV": 100,
	"PercentSampling": 78.1892,
	"EchoTrainLength": 167,
	"PhaseEncodingSteps": 223,
	"FrequencyEncodingSteps": 224,
	"PhaseEncodingStepsOutOfPlane": 163,
	"AcquisitionMatrixPE": 223,
	"ReconMatrixPE": 336,
	"ParallelReductionFactorOutOfPlane": 2.91548,
	"CompressedSensingFactor": 2.91548,
	"WaterFatShift": 0.688885,
	"EstimatedEffectiveEchoSpacing": 4.70616e-06,
	"EstimatedTotalReadoutTime": 0.00157656,
	"AcquisitionDuration": 206.4,
	"PixelBandwidth": 630.517,
	"PhaseEncodingAxis": "i",
	"ImageOrientationPatientDICOM": [
		1,
		-0.00012193,
		0,
		0,
		0,
		-1	],
	"InPlanePhaseEncodingDirectionDICOM": "ROW",
	"ConversionSoftware": "dcm2niix",
	"ConversionSoftwareVersion": "v1.0.20230411"
}
