{
	"Modality": "MR",
	"MagneticFieldStrength": 3,
	"ImagingFrequency": 127.751,
	"Manufacturer": "Philips",
	"ManufacturersModelName": "Ingenia Elition X",
	"InstitutionName": "VANDERBILT INSTITUTE OF IMAGING",
	"InstitutionalDepartmentName": "MRI DEPT.",
	"InstitutionAddress": "1161 21ST AVE. SOUTH",
	"DeviceSerialNumber": "45051",
	"StationName": "PHILIPS-JJJ61LI",
	"BodyPartExamined": "BRAIN",
	"PatientPosition": "HFS",
	"SoftwareVersions": "5.7.1\\5.7.1.2",
	"MRAcquisitionType": "3D",
	"SeriesDescription": "FidLoc_WIP sT1W_TFE_TX_1mm_CS2_flexS",
	"ProtocolName": "WIP FidLoc_WIP sT1W_TFE_TX_1mm_CS2_flexS",
	"ScanningSequence": "GR",
	"SequenceVariant": "MP",
	"ScanOptions": "OTHER",
	"ImageType": ["ORIGINAL", "PRIMARY", "T1", "NONE"],
	"SeriesNumber": 201,
	"AcquisitionTime": "08:35:10.300000",
	"AcquisitionNumber": 2,
	"PhilipsRescaleSlope": 3.14725,
	"PhilipsRescaleIntercept": 0,
	"PhilipsScaleSlope": 0.0104836,
	"UsePhilipsFloatNotDisplayScaling": 1,
	"SliceThickness": 1,
	"SpacingBetweenSlices": 0.5,
	"EchoTime": 0.004605,
	"RepetitionTime": 0.0099172,
	"FlipAngle": 8,
	"CoilString": "MULTI COIL",
	"PercentPhaseFOV": 100,
	"PercentSampling": 77.9165,
	"EchoTrainLength": 121,
	"PhaseEncodingSteps": 250,
	"AcquisitionMatrixPE": 250,
	"ReconMatrixPE": 512,
	"ParallelReductionFactorInPlane": 1.73205,
	"ParallelReductionOutOfPlane": 1.73205,
	"WaterFatShift": 3.04728,
	"EstimatedEffectiveEchoSpacing": 1.36168e-05,
	"EstimatedTotalReadoutTime": 0.00695819,
	"PixelBandwidth": 142.537,
	"PhaseEncodingAxis": "i",
	"ImageOrientationPatientDICOM": [
		0.0622237,
		0.99805,
		0.00501977,
		0.00542554,
		0.00469119,
		-0.999974	],
	"InPlanePhaseEncodingDirectionDICOM": "ROW",
	"ConversionSoftware": "dcm2niix",
	"ConversionSoftwareVersion": "v1.0.20201127"
}
