{
	"Modality": "MR",
	"MagneticFieldStrength": 3,
	"ImagingFrequency": 127.751,
	"Manufacturer": "Philips",
	"ManufacturersModelName": "Ingenia Elition X",
	"InstitutionName": "VANDERBILT INSTITUTE OF IMAGING",
	"InstitutionalDepartmentName": "MRI DEPT.",
	"InstitutionAddress": "1161 21ST AVE. SOUTH",
	"DeviceSerialNumber": "45051",
	"StationName": "PHILIPS-JJJ61LI",
	"BodyPartExamined": "BRAIN",
	"PatientPosition": "HFS",
	"SoftwareVersions": "5.7.1\\5.7.1.2",
	"MRAcquisitionType": "3D",
	"SeriesDescription": "cs_3D_BrainVIEW_FLAIR_v2",
	"ProtocolName": "WIP cs_3D_BrainVIEW_FLAIR_v2",
	"ScanningSequence": "IR",
	"SequenceVariant": "SK",
	"ScanOptions": "FS",
	"ImageType": ["ORIGINAL", "PRIMARY", "T2", "NONE"],
	"SeriesNumber": 501,
	"AcquisitionTime": "09:31:24.590000",
	"AcquisitionNumber": 5,
	"PhilipsRescaleSlope": 16.7035,
	"PhilipsRescaleIntercept": 0,
	"PhilipsScaleSlope": 0.00249133,
	"UsePhilipsFloatNotDisplayScaling": 1,
	"SliceThickness": 1,
	"SpacingBetweenSlices": 0.5,
	"NumberOfAverages": 2,
	"EchoTime": 0.34,
	"RepetitionTime": 4.8,
	"InversionTime": 1.65,
	"FlipAngle": 90,
	"CoilString": "MULTI COIL",
	"PercentPhaseFOV": 100,
	"PercentSampling": 78.0489,
	"EchoTrainLength": 167,
	"PhaseEncodingSteps": 159,
	"AcquisitionMatrixPE": 159,
	"ReconMatrixPE": 320,
	"ParallelReductionFactorInPlane": 2.91548,
	"ParallelReductionOutOfPlane": 2.91548,
	"WaterFatShift": 0.608832,
	"EstimatedEffectiveEchoSpacing": 4.36789e-06,
	"EstimatedTotalReadoutTime": 0.00139336,
	"PixelBandwidth": 713.419,
	"PhaseEncodingAxis": "i",
	"ImageOrientationPatientDICOM": [
		0,
		1,
		0,
		0,
		0,
		-1	],
	"InPlanePhaseEncodingDirectionDICOM": "ROW",
	"ConversionSoftware": "dcm2niix",
	"ConversionSoftwareVersion": "v1.0.20201127"
}
