{
	"Modality": "MR",
	"MagneticFieldStrength": 3,
	"ImagingFrequency": 127.752,
	"Manufacturer": "Philips",
	"ManufacturersModelName": "Ingenia Elition X",
	"InstitutionName": "VANDERBILT INSTITUTE OF IMAGING",
	"InstitutionalDepartmentName": "MRI DEPT.",
	"InstitutionAddress": "1161 21ST AVE. SOUTH",
	"DeviceSerialNumber": "45051",
	"StationName": "PHILIPS-JJJ61LI",
	"BodyPartExamined": "BRAIN",
	"PatientPosition": "HFS",
	"SoftwareVersions": "5.6.1\\5.6.1.0",
	"MRAcquisitionType": "3D",
	"SeriesDescription": "WIP sT1W_TFE_TX_1mm_CS2_flexS_v2",
	"ProtocolName": "WIP sT1W_TFE_TX_1mm_CS2_flexS_v2",
	"ScanningSequence": "GR",
	"SequenceVariant": "MP",
	"ScanOptions": "OTHER",
	"ImageType": ["ORIGINAL", "PRIMARY", "T1", "NONE"],
	"SeriesNumber": 901,
	"AcquisitionTime": "10:54:2.650000",
	"AcquisitionNumber": 9,
	"PhilipsRescaleSlope": 4.22515,
	"PhilipsRescaleIntercept": 0,
	"PhilipsScaleSlope": 0.00688126,
	"UsePhilipsFloatNotDisplayScaling": 1,
	"SliceThickness": 1,
	"SpacingBetweenSlices": 0.5,
	"NumberOfAverages": 4,
	"EchoTime": 0.004605,
	"RepetitionTime": 0.0098907,
	"FlipAngle": 8,
	"CoilString": "MULTI COIL",
	"PercentPhaseFOV": 100,
	"PercentSampling": 78.5398,
	"EchoTrainLength": 121,
	"PhaseEncodingSteps": 160,
	"AcquisitionMatrixPE": 160,
	"ReconMatrixPE": 320,
	"ParallelReductionFactorInPlane": 1.41421,
	"ParallelReductionOutOfPlane": 1.41421,
	"WaterFatShift": 3.05228,
	"EstimatedEffectiveEchoSpacing": 2.1848e-05,
	"EstimatedTotalReadoutTime": 0.00696952,
	"PixelBandwidth": 142.304,
	"PhaseEncodingAxis": "i",
	"ImageOrientationPatientDICOM": [
		0.0150668,
		0.999874,
		0.00501977,
		0.00519817,
		0.00494194,
		-0.999974	],
	"InPlanePhaseEncodingDirectionDICOM": "ROW",
	"ConversionSoftware": "dcm2niix",
	"ConversionSoftwareVersion": "v1.0.20201127"
}
