{
	"Modality": "MR",
	"MagneticFieldStrength": 3,
	"ImagingFrequency": 127.751,
	"Manufacturer": "Philips",
	"ManufacturersModelName": "Ingenia Elition X",
	"InstitutionName": "VANDERBILT INSTITUTE OF IMAGING",
	"InstitutionalDepartmentName": "MRI DEPT.",
	"InstitutionAddress": "1161 21ST AVE. SOUTH",
	"DeviceSerialNumber": "45051",
	"StationName": "PHILIPS-JJJ61LI",
	"BodyPartExamined": "BRAIN",
	"PatientPosition": "HFS",
	"SoftwareVersions": "5.7.1\\5.7.1.2",
	"MRAcquisitionType": "3D",
	"SeriesDescription": "SWIp",
	"ProtocolName": "WIP SWIp",
	"ScanningSequence": "GR",
	"SequenceVariant": "SP",
	"ScanOptions": "FC",
	"ImageType": ["ORIGINAL", "PRIMARY", "T1", "MIXED", "REAL"],
	"SeriesNumber": 3801,
	"AcquisitionTime": "14:29:15.450000",
	"AcquisitionNumber": 38,
	"PhilipsRWVSlope": 28.8994,
	"PhilipsRWVIntercept": 0,
	"PhilipsRescaleSlope": 28.8994,
	"PhilipsRescaleIntercept": 0,
	"PhilipsScaleSlope": 0.00341173,
	"UsePhilipsFloatNotDisplayScaling": 1,
	"SliceThickness": 1,
	"SpacingBetweenSlices": 0.5,
	"RepetitionTime": 0.031,
	"FlipAngle": 17,
	"CoilString": "MULTI COIL",
	"PercentPhaseFOV": 100,
	"PercentSampling": 78.5398,
	"EchoTrainLength": 4,
	"PhaseEncodingSteps": 320,
	"AcquisitionMatrixPE": 320,
	"ReconMatrixPE": 480,
	"ParallelReductionFactorInPlane": 2,
	"ParallelReductionOutOfPlane": 2,
	"WaterFatShift": 0.92291,
	"EstimatedEffectiveEchoSpacing": 3.54872e-06,
	"EstimatedTotalReadoutTime": 0.00169984,
	"PixelBandwidth": 470.633,
	"PhaseEncodingAxis": "i",
	"ImageOrientationPatientDICOM": [
		1,
		0,
		0,
		0,
		1,
		0	],
	"InPlanePhaseEncodingDirectionDICOM": "ROW",
	"ConversionSoftware": "dcm2niix",
	"ConversionSoftwareVersion": "v1.0.20201127"
}
