{
	"Modality": "MR",
	"MagneticFieldStrength": 3,
	"ImagingFrequency": 127.751,
	"Manufacturer": "Philips",
	"ManufacturersModelName": "Ingenia Elition X",
	"InstitutionName": "VANDERBILT INSTITUTE OF IMAGING",
	"InstitutionalDepartmentName": "MRI DEPT.",
	"InstitutionAddress": "1161 21ST AVE. SOUTH",
	"DeviceSerialNumber": "45051",
	"StationName": "PHILIPS-JJJ61LI",
	"BodyPartExamined": "BRAIN",
	"PatientPosition": "HFS",
	"SoftwareVersions": "5.6.1\\5.6.1.0",
	"MRAcquisitionType": "3D",
	"SeriesDescription": "FidLoc_WIP sT1W_TFE_TX_1mm_CS2_flexS",
	"ProtocolName": "WIP FidLoc_WIP sT1W_TFE_TX_1mm_CS2_flexS",
	"ScanningSequence": "GR",
	"SequenceVariant": "MP",
	"ScanOptions": "OTHER",
	"ImageType": ["ORIGINAL", "PRIMARY", "T1", "NONE"],
	"SeriesNumber": 2401,
	"AcquisitionTime": "13:07:1.700000",
	"AcquisitionNumber": 24,
	"PhilipsRescaleSlope": 5.62686,
	"PhilipsRescaleIntercept": 0,
	"PhilipsScaleSlope": 0.00922867,
	"UsePhilipsFloatNotDisplayScaling": 1,
	"SliceThickness": 1,
	"SpacingBetweenSlices": 0.5,
	"EchoTime": 0.004594,
	"RepetitionTime": 0.0098802,
	"FlipAngle": 8,
	"CoilString": "MULTI COIL",
	"PercentPhaseFOV": 100,
	"PercentSampling": 77.9165,
	"EchoTrainLength": 121,
	"PhaseEncodingSteps": 250,
	"AcquisitionMatrixPE": 250,
	"ReconMatrixPE": 512,
	"ParallelReductionFactorInPlane": 1.73205,
	"ParallelReductionOutOfPlane": 1.73205,
	"WaterFatShift": 3.06479,
	"EstimatedEffectiveEchoSpacing": 1.3695e-05,
	"EstimatedTotalReadoutTime": 0.00699816,
	"PixelBandwidth": 141.723,
	"PhaseEncodingAxis": "i",
	"ImageOrientationPatientDICOM": [
		0,
		1,
		0,
		0,
		0,
		-1	],
	"InPlanePhaseEncodingDirectionDICOM": "ROW",
	"ConversionSoftware": "dcm2niix",
	"ConversionSoftwareVersion": "v1.0.20201127"
}
