{
	"Modality": "MR",
	"MagneticFieldStrength": 3,
	"ImagingFrequency": 127.750904,
	"Manufacturer": "Philips",
	"ManufacturersModelName": "Ingenia Elition X",
	"InstitutionName": "VANDERBILT INSTITUTE OF IMAGING",
	"InstitutionalDepartmentName": "MRI DEPT.",
	"InstitutionAddress": "1161 21ST AVE. SOUTH",
	"DeviceSerialNumber": "45051",
	"StationName": "PHILIPS-JJJ61LI",
	"BodyPartExamined": "BRAIN",
	"PatientPosition": "HFS",
	"SoftwareVersions": "5.7.1\\5.7.1.2",
	"MRAcquisitionType": "3D",
	"SeriesDescription": "SWIp",
	"ProtocolName": "WIP SWIp",
	"ScanningSequence": "GR",
	"SequenceVariant": "SP",
	"ScanOptions": "FC",
	"PulseSequenceName": "T1FFE",
	"ImageType": ["ORIGINAL", "PRIMARY", "T1", "MIXED", "REAL"],
	"SeriesNumber": 2101,
	"AcquisitionTime": "13:53:54.260000",
	"AcquisitionNumber": 21,
	"PhilipsRWVSlope": 33.9165,
	"PhilipsRWVIntercept": 0,
	"PhilipsRescaleSlope": 33.9165,
	"PhilipsRescaleIntercept": 0,
	"PhilipsScaleSlope": 0.00379066,
	"UsePhilipsFloatNotDisplayScaling": 1,
	"SliceThickness": 1,
	"SpacingBetweenSlices": 0.5,
	"RepetitionTime": 0.031,
	"MTState": false,
	"SpoilingState": true,
	"SpoilingType": "COMBINED",
	"FlipAngle": 17,
	"CoilString": "MULTI COIL",
	"PercentPhaseFOV": 100,
	"PercentSampling": 78.5398,
	"EchoTrainLength": 4,
	"PhaseEncodingSteps": 320,
	"FrequencyEncodingSteps": 320,
	"PhaseEncodingStepsOutOfPlane": 130,
	"AcquisitionMatrixPE": 320,
	"ReconMatrixPE": 480,
	"ParallelReductionFactorOutOfPlane": 2,
	"CompressedSensingFactor": 2,
	"WaterFatShift": 0.922913,
	"EstimatedEffectiveEchoSpacing": 3.54872e-06,
	"EstimatedTotalReadoutTime": 0.00169984,
	"AcquisitionDuration": 377.208,
	"PixelBandwidth": 470.633,
	"PhaseEncodingAxis": "i",
	"ImageOrientationPatientDICOM": [
		1,
		-0.00012193,
		0,
		0.00012193,
		1,
		0	],
	"InPlanePhaseEncodingDirectionDICOM": "ROW",
	"ConversionSoftware": "dcm2niix",
	"ConversionSoftwareVersion": "v1.0.20230411"
}
