{
	"Modality": "MR",
	"MagneticFieldStrength": 3,
	"ImagingFrequency": 127.751,
	"Manufacturer": "Philips",
	"ManufacturersModelName": "Ingenia Elition X",
	"InstitutionName": "VANDERBILT INSTITUTE OF IMAGING",
	"InstitutionalDepartmentName": "MRI DEPT.",
	"InstitutionAddress": "1161 21ST AVE. SOUTH",
	"DeviceSerialNumber": "45051",
	"StationName": "PHILIPS-JJJ61LI",
	"BodyPartExamined": "BRAIN",
	"PatientPosition": "HFS",
	"SoftwareVersions": "5.6.1\\5.6.1.0",
	"MRAcquisitionType": "3D",
	"SeriesDescription": "SWIp_6_Echo",
	"ProtocolName": "WIP SWIp_6_Echo",
	"ScanningSequence": "GR",
	"SequenceVariant": "SP",
	"ScanOptions": "FC",
	"ImageType": ["ORIGINAL", "PRIMARY", "T1", "MIXED", "REAL"],
	"SeriesNumber": 2401,
	"AcquisitionTime": "10:47:51.860000",
	"AcquisitionNumber": 24,
	"PhilipsRWVSlope": 20.3824,
	"PhilipsRWVIntercept": 0,
	"PhilipsRescaleSlope": 20.3824,
	"PhilipsRescaleIntercept": 0,
	"PhilipsScaleSlope": 0.00777973,
	"UsePhilipsFloatNotDisplayScaling": 1,
	"SliceThickness": 2,
	"SpacingBetweenSlices": 1,
	"RepetitionTime": 0.051,
	"FlipAngle": 20,
	"CoilString": "MULTI COIL",
	"PercentPhaseFOV": 70.1389,
	"PercentSampling": 78.5398,
	"EchoTrainLength": 6,
	"PhaseEncodingSteps": 460,
	"AcquisitionMatrixPE": 460,
	"ReconMatrixPE": 576,
	"ParallelReductionFactorInPlane": 2.5,
	"ParallelReductionOutOfPlane": 1.29,
	"WaterFatShift": 0.927082,
	"EstimatedEffectiveEchoSpacing": 3.18172e-06,
	"EstimatedTotalReadoutTime": 0.00182949,
	"PixelBandwidth": 468.516,
	"PhaseEncodingAxis": "i",
	"ImageOrientationPatientDICOM": [
		0.999873,
		-0.0150925,
		0.00512305,
		0.0150668,
		0.999874,
		0.00501977	],
	"InPlanePhaseEncodingDirectionDICOM": "ROW",
	"ConversionSoftware": "dcm2niix",
	"ConversionSoftwareVersion": "v1.0.20201127"
}
