{
	"Modality": "MR",
	"MagneticFieldStrength": 3,
	"ImagingFrequency": 127.751,
	"Manufacturer": "Philips",
	"ManufacturersModelName": "Ingenia Elition X",
	"InstitutionName": "VANDERBILT INSTITUTE OF IMAGING",
	"InstitutionalDepartmentName": "MRI DEPT.",
	"InstitutionAddress": "1161 21ST AVE. SOUTH",
	"DeviceSerialNumber": "45051",
	"StationName": "PHILIPS-JJJ61LI",
	"BodyPartExamined": "BRAIN",
	"PatientPosition": "HFS",
	"SoftwareVersions": "5.6.1\\5.6.1.0",
	"MRAcquisitionType": "2D",
	"SeriesDescription": "WIP AX FLAIR",
	"ProtocolName": "WIP AX FLAIR",
	"ScanningSequence": "IR",
	"SequenceVariant": "SK",
	"ScanOptions": "SP",
	"ImageType": ["ORIGINAL", "PRIMARY", "T2", "NONE"],
	"SeriesNumber": 601,
	"AcquisitionTime": "09:28:4.470000",
	"AcquisitionNumber": 6,
	"PhilipsRescaleSlope": 45.8017,
	"PhilipsRescaleIntercept": 0,
	"PhilipsScaleSlope": 0.0137484,
	"UsePhilipsFloatNotDisplayScaling": 1,
	"SliceThickness": 4,
	"SpacingBetweenSlices": 5,
	"EchoTime": 0.133,
	"RepetitionTime": 9,
	"InversionTime": 2.5,
	"FlipAngle": 90,
	"CoilString": "MULTI COIL",
	"PercentPhaseFOV": 100,
	"PercentSampling": 100,
	"EchoTrainLength": 28,
	"PhaseEncodingSteps": 168,
	"AcquisitionMatrixPE": 168,
	"ReconMatrixPE": 192,
	"WaterFatShift": 2.26107,
	"EstimatedEffectiveEchoSpacing": 2.63147e-05,
	"EstimatedTotalReadoutTime": 0.0050261,
	"PixelBandwidth": 192.101,
	"PhaseEncodingAxis": "i",
	"ImageOrientationPatientDICOM": [
		-0.0311801,
		0.999501,
		0.00501977,
		0.00496411,
		0.00517701,
		-0.999974	],
	"InPlanePhaseEncodingDirectionDICOM": "ROW",
	"ConversionSoftware": "dcm2niix",
	"ConversionSoftwareVersion": "v1.0.20201127"
}
