{
	"Modality": "MR",
	"MagneticFieldStrength": 3,
	"ImagingFrequency": 127.751,
	"Manufacturer": "Philips",
	"ManufacturersModelName": "Ingenia Elition X",
	"InstitutionName": "VANDERBILT INSTITUTE OF IMAGING",
	"InstitutionalDepartmentName": "MRI DEPT.",
	"InstitutionAddress": "1161 21ST AVE. SOUTH",
	"DeviceSerialNumber": "45051",
	"StationName": "PHILIPS-JJJ61LI",
	"BodyPartExamined": "BRAIN",
	"PatientPosition": "HFS",
	"SoftwareVersions": "5.6.1\\5.6.1.0",
	"MRAcquisitionType": "3D",
	"SeriesDescription": "cs_3D_Brain_VIEW_FLAIR_SHC",
	"ProtocolName": "WIP cs_3D_Brain_VIEW_FLAIR_SHC",
	"ScanningSequence": "IR",
	"SequenceVariant": "SK",
	"ScanOptions": "FS",
	"ImageType": ["ORIGINAL", "PRIMARY", "T2", "NONE"],
	"SeriesNumber": 901,
	"AcquisitionTime": "10:45:25.440000",
	"AcquisitionNumber": 9,
	"PhilipsRescaleSlope": 8.45568,
	"PhilipsRescaleIntercept": 0,
	"PhilipsScaleSlope": 0.00216647,
	"UsePhilipsFloatNotDisplayScaling": 1,
	"SliceThickness": 1.12,
	"SpacingBetweenSlices": 0.56,
	"NumberOfAverages": 2,
	"EchoTime": 0.34,
	"RepetitionTime": 4.8,
	"InversionTime": 1.65,
	"FlipAngle": 90,
	"CoilString": "MULTI COIL",
	"PercentPhaseFOV": 100,
	"PercentSampling": 78.1892,
	"EchoTrainLength": 167,
	"PhaseEncodingSteps": 223,
	"AcquisitionMatrixPE": 223,
	"ReconMatrixPE": 336,
	"ParallelReductionFactorInPlane": 2.91548,
	"ParallelReductionOutOfPlane": 2.91548,
	"WaterFatShift": 0.653832,
	"EstimatedEffectiveEchoSpacing": 4.46669e-06,
	"EstimatedTotalReadoutTime": 0.00149634,
	"PixelBandwidth": 664.319,
	"PhaseEncodingAxis": "i",
	"ImageOrientationPatientDICOM": [
		-0.0497966,
		0.998745,
		0.00536906,
		0.0280898,
		0.0067741,
		-0.999582	],
	"InPlanePhaseEncodingDirectionDICOM": "ROW",
	"ConversionSoftware": "dcm2niix",
	"ConversionSoftwareVersion": "v1.0.20201127"
}
